GEM
  remote: http://rubygems.org/
  specs:
    sass (3.4.3)

PLATFORMS
  ruby

DEPENDENCIES
  sass (>= 3.4.0)

BUNDLED WITH
   1.12.5
