GEM
  remote: https://rubygems.org/
  specs:
    sass (3.4.3)

PLATFORMS
  ruby

DEPENDENCIES
  sass (>= 3.4.0)

BUNDLED WITH
   1.17.2
